GEM
  remote: http://rubygems.org/
  remote: http://gems.rubyforge.org/
  remote: http://gemcutter.org/
  remote: http://gems.github.com/
  specs:
    mysql (2.8.1)
    nokogiri (1.5.0)
    ruby-ole (1.2.11.1)
    spreadsheet (0.6.5.7)
      ruby-ole (>= 1.0)

PLATFORMS
  ruby

DEPENDENCIES
  mysql
  nokogiri
  spreadsheet
